GEM
  remote: https://rubygems.org/
  specs:
    amq-protocol (1.9.2)
    bunny (1.1.0)
      amq-protocol (>= 1.9.2)
    carrot-top (0.0.7)
      json
    coderay (1.1.0)
    columnize (0.3.6)
    debugger (1.6.4)
      columnize (>= 0.3.1)
      debugger-linecache (~> 1.2.0)
      debugger-ruby_core_source (~> 1.3.0)
    debugger-linecache (1.2.0)
    debugger-ruby_core_source (1.3.0)
    ffi (1.9.3)
    hutch (0.7.0)
      bunny (~> 1.1.0)
      carrot-top (~> 0.0.7)
      multi_json (~> 1.5)
    json (1.8.1)
    method_source (0.8.2)
    multi_json (1.8.4)
    pi_piper (1.3.2)
      ffi
    pry (0.9.12.4)
      coderay (~> 1.0)
      method_source (~> 0.8)
      slop (~> 3.4)
    pry-debugger (0.2.2)
      debugger (~> 1.3)
      pry (~> 0.9.10)
    slop (3.4.7)

PLATFORMS
  ruby

DEPENDENCIES
  hutch (~> 0.7)
  pi_piper
  pry
  pry-debugger
